GEM
  remote: https://rubygems.org/
  specs:
    aws-sdk (2.1.13)
      aws-sdk-resources (= 2.1.13)
    aws-sdk-core (2.1.13)
      jmespath (~> 1.0)
    aws-sdk-resources (2.1.13)
      aws-sdk-core (= 2.1.13)
    choice (0.2.0)
    diff-lcs (1.2.5)
    jmespath (1.0.2)
      multi_json (~> 1.0)
    multi_json (1.11.2)
    rspec (3.3.0)
      rspec-core (~> 3.3.0)
      rspec-expectations (~> 3.3.0)
      rspec-mocks (~> 3.3.0)
    rspec-core (3.3.2)
      rspec-support (~> 3.3.0)
    rspec-expectations (3.3.1)
      diff-lcs (>= 1.2.0, < 2.0)
      rspec-support (~> 3.3.0)
    rspec-mocks (3.3.2)
      diff-lcs (>= 1.2.0, < 2.0)
      rspec-support (~> 3.3.0)
    rspec-support (3.3.0)
    uuidtools (2.1.5)

PLATFORMS
  ruby

DEPENDENCIES
  aws-sdk (~> 2)
  choice
  rspec
  uuidtools

BUNDLED WITH
   1.10.5
