GEM
  remote: https://rubygems.org/
  specs:
    aws-sdk (2.1.13)
      aws-sdk-resources (= 2.1.13)
    aws-sdk-core (2.1.13)
      jmespath (~> 1.0)
    aws-sdk-resources (2.1.13)
      aws-sdk-core (= 2.1.13)
    choice (0.2.0)
    jmespath (1.0.2)
      multi_json (~> 1.0)
    multi_json (1.11.2)
    uuidtools (2.1.5)

PLATFORMS
  ruby

DEPENDENCIES
  aws-sdk (~> 2)
  choice
  uuidtools

BUNDLED WITH
   1.10.5
